GEM
  remote: https://rubygems.org/
  specs:
    PriorityQueue (0.1.2)
    addressable (2.3.5)
    crack (0.4.1)
      safe_yaml (~> 0.9.0)
    domain_name (0.5.24)
      unf (>= 0.0.5, < 1.0.0)
    gds-api-adapters (18.6.0)
      link_header
      lrucache (~> 0.1.1)
      null_logger
      plek
      rack-cache
      rest-client (~> 1.8.0)
    http-cookie (1.0.2)
      domain_name (~> 0.5)
    link_header (0.0.8)
    lrucache (0.1.4)
      PriorityQueue (~> 0.1.2)
    mime-types (2.4.3)
    mini_portile (0.5.2)
    minitest (4.7.0)
    netrc (0.10.3)
    nokogiri (1.6.1)
      mini_portile (~> 0.5.0)
    null_logger (0.0.1)
    plek (1.10.0)
    rack (1.6.0)
    rack-cache (1.2)
      rack (>= 0.4)
    rake (10.0.3)
    rest-client (1.8.0)
      http-cookie (>= 1.0.2, < 2.0)
      mime-types (>= 1.16, < 3.0)
      netrc (~> 0.7)
    safe_yaml (0.9.7)
    unf (0.1.4)
      unf_ext
    unf_ext (0.0.7.1)
    webmock (1.15.0)
      addressable (>= 2.2.7)
      crack (>= 0.3.2)

PLATFORMS
  ruby

DEPENDENCIES
  gds-api-adapters (= 18.6.0)
  minitest (= 4.7.0)
  nokogiri (= 1.6.1)
  rake (= 10.0.3)
  webmock (= 1.15.0)
